GEM
  remote: https://rubygems.org/
  specs:
    addressable (2.8.7)
      public_suffix (>= 2.0.2, < 7.0)
    bigdecimal (3.2.2)
    json-schema (5.2.1)
      addressable (~> 2.8)
      bigdecimal (~> 3.1)
    json_rpc_handler (0.1.1)
    mcp (0.2.0)
      json-schema (>= 4.1)
      json_rpc_handler (~> 0.1)
    nio4r (2.7.4)
    public_suffix (6.0.2)
    puma (6.6.1)
      nio4r (~> 2.0)
    rack (3.2.0)
    rackup (2.2.1)
      rack (>= 3)

PLATFORMS
  arm64-darwin-24
  ruby

DEPENDENCIES
  mcp
  puma
  rack
  rackup

BUNDLED WITH
   2.6.7
